GEM
  remote: http://rubygems.org/
  specs:
    addressable (2.4.0)
    byebug (8.2.2)
    crack (0.4.3)
      safe_yaml (~> 1.0.0)
    diff-lcs (1.2.5)
    equatable (0.5.0)
    hashdiff (0.3.0)
    oauth (0.5.0)
    pastel (0.6.0)
      equatable (~> 0.5.0)
      tty-color (~> 0.3.0)
    rack (1.6.4)
    rack-protection (1.5.3)
      rack
    rspec (3.1.0)
      rspec-core (~> 3.1.0)
      rspec-expectations (~> 3.1.0)
      rspec-mocks (~> 3.1.0)
    rspec-core (3.1.7)
      rspec-support (~> 3.1.0)
    rspec-expectations (3.1.2)
      diff-lcs (>= 1.2.0, < 2.0)
      rspec-support (~> 3.1.0)
    rspec-mocks (3.1.3)
      rspec-support (~> 3.1.0)
    rspec-support (3.1.2)
    safe_yaml (1.0.4)
    sinatra (1.4.7)
      rack (~> 1.5)
      rack-protection (~> 1.4)
      tilt (>= 1.3, < 3)
    tilt (2.0.2)
    tty-color (0.3.0)
    webmock (1.24.1)
      addressable (>= 2.3.6)
      crack (>= 0.3.2)
      hashdiff

PLATFORMS
  ruby

DEPENDENCIES
  byebug (~> 8.2, >= 8.2.2)
  oauth (~> 0.5.0)
  pastel (~> 0.6.0)
  rspec (~> 3.1.0)
  sinatra (~> 1.4, >= 1.4.7)
  webmock (~> 1.24, >= 1.24.1)

BUNDLED WITH
   1.11.2
